GEM
  remote: https://rubygems.org/
  specs:
    activesupport (8.0.2)
      base64
      benchmark (>= 0.3)
      bigdecimal
      concurrent-ruby (~> 1.0, >= 1.3.1)
      connection_pool (>= 2.2.5)
      drb
      i18n (>= 1.6, < 2)
      logger (>= 1.4.2)
      minitest (>= 5.1)
      securerandom (>= 0.3)
      tzinfo (~> 2.0, >= 2.0.5)
      uri (>= 0.13.1)
    base64 (0.2.0)
    benchmark (0.4.0)
    bigdecimal (3.1.9)
    concurrent-ruby (1.3.5)
    connection_pool (2.5.0)
    drb (2.2.1)
    google-protobuf (4.30.1-x86_64-darwin)
      bigdecimal
      rake (>= 13)
    googleapis-common-protos-types (1.19.0)
      google-protobuf (>= 3.18, < 5.a)
    grpc (1.71.0-x86_64-darwin)
      google-protobuf (>= 3.25, < 5.0)
      googleapis-common-protos-types (~> 1.0)
    grpc-tools (1.71.0)
    i18n (1.14.7)
      concurrent-ruby (~> 1.0)
    logger (1.6.6)
    middleware (0.1.0)
    minitest (5.25.5)
    protobuf (3.10.9)
      activesupport (>= 3.2)
      middleware
      thor
      thread_safe
    rake (13.2.1)
    securerandom (0.4.1)
    thor (1.3.2)
    thread_safe (0.3.6)
    tzinfo (2.0.6)
      concurrent-ruby (~> 1.0)
    uri (1.0.3)

PLATFORMS
  x86_64-darwin-22

DEPENDENCIES
  grpc
  grpc-tools
  protobuf

BUNDLED WITH
   2.4.10
